GIT
  remote: https://github.com/gswallow/sparkle-pack-aws-my-s3-buckets.git
  revision: c3f5761592f2373e0950a514964780740e02d708
  specs:
    sparkle-pack-aws-my-s3-buckets (0.0.1)
      aws-sdk-core (~> 2)

GIT
  remote: https://github.com/gswallow/sparkle-pack-aws-my-security-groups.git
  revision: d875688cb889d8b81476e265cd4cf5a7f330ccc8
  specs:
    sparkle-pack-aws-my-security-groups (0.0.1)
      aws-sdk-core (~> 2)

GIT
  remote: https://github.com/gswallow/sparkle-pack-aws-my-sns-topics.git
  revision: b6ea70a89946a4948df938c9e79495aa9303cbd6
  specs:
    sparkle-pack-aws-my-sns-topics (0.0.1)
      aws-sdk-core (~> 2)

GIT
  remote: https://github.com/gswallow/sparkle-pack-aws-my-subnets.git
  revision: 88497117b22590c3e495d043a17c58cd621b3033
  specs:
    sparkle-pack-aws-my-subnets (0.0.1)
      aws-sdk-core (~> 2)

GIT
  remote: https://github.com/gswallow/sparkle-pack-git-rev-outputs.git
  revision: 146e854160fbd15c4ab6e851576756f0c313676a
  specs:
    sparkle-pack-git-rev-outputs (0.0.1)

GEM
  remote: https://rubygems.org/
  specs:
    addressable (2.5.2)
      public_suffix (>= 2.0.2, < 4.0)
    attribute_struct (0.4.2)
      bogo (>= 0.1.31, < 0.3.0)
    aws-sdk-core (2.10.58)
      aws-sigv4 (~> 1.0)
      jmespath (~> 1.0)
    aws-sigv4 (1.0.2)
    bogo (0.2.10)
      hashie
      multi_json
    bogo-cli (0.2.12)
      bogo (>= 0.1.6, < 0.6)
      bogo-config (>= 0.1.15, < 0.5)
      bogo-ui
      slop (~> 3)
    bogo-config (0.2.2)
      attribute_struct
      bogo (>= 0.1.4, < 1.0)
      multi_json
      multi_xml
    bogo-ui (0.1.24)
      bogo
      command_line_reporter
      paint
    colored (1.2)
    command_line_reporter (4.0.0)
      colored (>= 1.2)
    domain_name (0.5.20170404)
      unf (>= 0.0.5, < 1.0.0)
    graph (2.8.2)
    hashdiff (0.2.3)
    hashie (3.5.6)
    http (1.0.4)
      addressable (~> 2.3)
      http-cookie (~> 1.0)
      http-form_data (~> 1.0.1)
      http_parser.rb (~> 0.6.0)
    http-cookie (1.0.3)
      domain_name (~> 0.5)
    http-form_data (1.0.3)
    http_parser.rb (0.6.0)
    jmespath (1.3.1)
    miasma (0.3.2)
      bogo (>= 0.2.2, < 1.0)
      http (>= 0.8.12, < 1.1)
      multi_json
      multi_xml
      xml-simple
    miasma-aws (0.3.10)
      miasma (>= 0.3.1, < 0.5)
    miasma-azure (0.1.4)
    miasma-google (0.1.0)
      miasma (>= 0.2.12)
      mime-types
    miasma-open-stack (0.1.4)
    miasma-rackspace (0.1.2)
      miasma-open-stack
    miasma-terraform (0.1.2)
    mime-types (3.1)
      mime-types-data (~> 3.2015)
    mime-types-data (3.2016.0521)
    multi_json (1.12.2)
    multi_xml (0.6.0)
    net-ssh (4.2.0)
    paint (2.0.0)
    public_suffix (3.0.0)
    sfn (3.0.28)
      bogo-cli (>= 0.2.5, < 0.4)
      bogo-ui (>= 0.1.22, < 0.4)
      graph (~> 2.8.1)
      hashdiff (~> 0.2.2)
      jmespath
      miasma (>= 0.3.0, < 0.4)
      miasma-aws (>= 0.3.6, < 0.4)
      miasma-azure (>= 0.1.0, < 0.3)
      miasma-google (>= 0.1.0, < 0.3)
      miasma-open-stack (>= 0.1.0, < 0.3)
      miasma-rackspace (>= 0.1.0, < 0.3)
      miasma-terraform (>= 0.1.0, < 0.2.0)
      net-ssh
      sparkle_formation (>= 3.0.11, < 4)
    slop (3.6.0)
    sparkle_formation (3.0.26)
      attribute_struct (>= 0.3.5, < 0.5)
      bogo
      multi_json
    unf (0.1.4)
      unf_ext
    unf_ext (0.0.7.4)
    xml-simple (1.1.5)

PLATFORMS
  ruby

DEPENDENCIES
  sfn
  sparkle-pack-aws-my-s3-buckets!
  sparkle-pack-aws-my-security-groups!
  sparkle-pack-aws-my-sns-topics!
  sparkle-pack-aws-my-subnets!
  sparkle-pack-git-rev-outputs!

BUNDLED WITH
   1.12.5
